GEM
  remote: https://rubygems.org/
  specs:
    activesupport (4.0.0)
      i18n (~> 0.6, >= 0.6.4)
      minitest (~> 4.2)
      multi_json (~> 1.3)
      thread_safe (~> 0.1)
      tzinfo (~> 0.3.37)
    async-rack (0.5.1)
      rack (~> 1.1)
    atomic (1.1.14)
    capistrano (2.15.5)
      highline
      net-scp (>= 1.0.0)
      net-sftp (>= 2.0.0)
      net-ssh (>= 2.0.14)
      net-ssh-gateway (>= 1.1.0)
    dotenv (0.8.0)
    erubis (2.7.0)
    eventmachine (1.0.3)
    highline (1.6.20)
    i18n (0.6.5)
    minitest (4.7.5)
    multi_json (1.8.2)
    net-scp (1.1.2)
      net-ssh (>= 2.6.5)
    net-sftp (2.1.2)
      net-ssh (>= 2.6.5)
    net-ssh (2.7.0)
    net-ssh-gateway (1.2.0)
      net-ssh (>= 2.6.5)
    open4 (1.3.0)
    rack (1.5.2)
    simultaneous (0.4.2)
      async-rack (~> 0.5.0)
      eventmachine (>= 1.0.0.rc.1, < 2.0)
      rack (>= 1.0, < 2.0)
    sprinkle (0.7.6.1)
      activesupport (>= 2.0.2)
      capistrano (>= 2.5.5)
      erubis (>= 2.7.0)
      highline (>= 1.4.0)
      open4 (>= 1.1.0)
    thread_safe (0.1.3)
      atomic
    tzinfo (0.3.38)

PLATFORMS
  ruby

DEPENDENCIES
  capistrano (~> 2.15.5)
  dotenv (~> 0.8.0)
  simultaneous (~> 0.4.2)
  sprinkle (~> 0.7.4)
