GIT
  remote: git@github.com:SpontaneousCMS/spontaneous.git
  revision: 7309c1f49b56fd22d275a42c07add25b92d71fd6
  specs:
    spontaneous (0.2.0.beta4)
      activesupport (~> 4.0.0)
      bcrypt-ruby (~> 3.0.1)
      bundler (> 1.0.15)
      coffee-script (~> 2.2.0)
      cutaneous (~> 0.1.6)
      erubis (~> 2.6)
      fog (~> 1.6.0)
      foreman (~> 0.60.2)
      kramdown (~> 0.14.0)
      launchy (~> 2.1.2)
      nokogiri (~> 1.5.0)
      posix-spawn (~> 0.3.6)
      public_suffix (~> 1.0)
      rack (~> 1.5.0)
      rake (~> 0.9.2)
      sass (~> 3.2.10)
      sequel (~> 3.43.0)
      simultaneous (~> 0.4.2)
      sinatra (~> 1.3.4)
      skeptick (~> 0.1.0)
      sprockets (~> 2.9.0)
      stringex (= 1.3)
      thin (~> 1.2)
      thor (~> 0.16.0)
      uglifier (~> 1.3.0)
      xapian-fu (~> 1.5)
      yajl-ruby (~> 1.1.0)

GEM
  remote: https://rubygems.org/
  specs:
    activesupport (4.0.0)
      i18n (~> 0.6, >= 0.6.4)
      minitest (~> 4.2)
      multi_json (~> 1.3)
      thread_safe (~> 0.1)
      tzinfo (~> 0.3.37)
    addressable (2.3.5)
    async-rack (0.5.1)
      rack (~> 1.1)
    atomic (1.1.14)
    bcrypt-ruby (3.0.1)
    builder (3.2.2)
    capistrano (2.15.5)
      highline
      net-scp (>= 1.0.0)
      net-sftp (>= 2.0.0)
      net-ssh (>= 2.0.14)
      net-ssh-gateway (>= 1.1.0)
    coffee-script (2.2.0)
      coffee-script-source
      execjs
    coffee-script-source (1.6.3)
    cutaneous (0.1.6)
    daemons (1.1.9)
    dotenv (0.8.0)
    erubis (2.7.0)
    eventmachine (1.0.3)
    excon (0.27.6)
    execjs (2.0.2)
    fog (1.6.0)
      builder
      excon (~> 0.14)
      formatador (~> 0.2.0)
      mime-types
      multi_json (~> 1.0)
      net-scp (~> 1.0.4)
      net-ssh (>= 2.1.3)
      nokogiri (~> 1.5.0)
      ruby-hmac
    foreman (0.60.2)
      thor (>= 0.13.6)
    formatador (0.2.4)
    highline (1.6.20)
    hike (1.2.3)
    i18n (0.6.5)
    kramdown (0.14.2)
    launchy (2.1.2)
      addressable (~> 2.3)
    libv8 (3.11.8.17)
    mime-types (1.25)
    minitest (4.7.5)
    multi_json (1.8.2)
    net-scp (1.0.4)
      net-ssh (>= 1.99.1)
    net-sftp (2.1.2)
      net-ssh (>= 2.6.5)
    net-ssh (2.7.0)
    net-ssh-gateway (1.2.0)
      net-ssh (>= 2.6.5)
    nokogiri (1.5.10)
    open4 (1.3.0)
    pg (0.14.1)
    posix-spawn (0.3.6)
    public_suffix (1.3.1)
    rack (1.5.2)
    rack-protection (1.5.1)
      rack
    rake (0.9.6)
    ref (1.0.5)
    ruby-hmac (0.4.0)
    sass (3.2.12)
    sequel (3.43.0)
    simultaneous (0.4.2)
      async-rack (~> 0.5.0)
      eventmachine (>= 1.0.0.rc.1, < 2.0)
      rack (>= 1.0, < 2.0)
    sinatra (1.3.6)
      rack (~> 1.4)
      rack-protection (~> 1.3)
      tilt (~> 1.3, >= 1.3.3)
    skeptick (0.1.0)
      posix-spawn (~> 0.3.6)
    sprinkle (0.7.6.1)
      activesupport (>= 2.0.2)
      capistrano (>= 2.5.5)
      erubis (>= 2.7.0)
      highline (>= 1.4.0)
      open4 (>= 1.1.0)
    sprockets (2.9.3)
      hike (~> 1.2)
      multi_json (~> 1.0)
      rack (~> 1.0)
      tilt (~> 1.1, != 1.3.0)
    stringex (1.3.0)
    therubyracer (0.11.4)
      libv8 (~> 3.11.8.12)
      ref
    thin (1.6.0)
      daemons (>= 1.0.9)
      eventmachine (>= 1.0.0)
      rack (>= 1.5.0)
    thor (0.16.0)
    thread_safe (0.1.3)
      atomic
    tilt (1.4.1)
    tzinfo (0.3.38)
    uglifier (1.3.0)
      execjs (>= 0.3.0)
      multi_json (~> 1.0, >= 1.0.2)
    xapian-fu (1.5.0)
    yajl-ruby (1.1.0)

PLATFORMS
  ruby

DEPENDENCIES
  capistrano (~> 2.15.5)
  dotenv (~> 0.8.0)
  pg (~> 0.14.1)
  simultaneous (~> 0.4.2)
  spontaneous!
  sprinkle (~> 0.7.4)
  therubyracer (~> 0.11.1)
